GEM
  remote: https://rubygems.org/
  specs:
    amatch (0.4.1)
      mize
      tins (~> 1.0)
    colorize (0.8.1)
    fuzzy_match (2.1.0)
    mize (0.4.1)
      protocol (~> 2.0)
    pastel (0.8.0)
      tty-color (~> 0.5)
    protocol (2.0.0)
      ruby_parser (~> 3.0)
    ruby_parser (3.20.0)
      sexp_processor (~> 4.16)
    sexp_processor (4.16.1)
    sync (0.5.0)
    tins (1.32.1)
      sync
    tty-color (0.6.0)
    tty-cursor (0.7.1)
    tty-prompt (0.23.1)
      pastel (~> 0.8)
      tty-reader (~> 0.8)
    tty-reader (0.9.0)
      tty-cursor (~> 0.7)
      tty-screen (~> 0.8)
      wisper (~> 2.0)
    tty-screen (0.8.1)
    wisper (2.0.1)

PLATFORMS
  arm64-darwin-22

DEPENDENCIES
  amatch
  colorize
  fuzzy_match
  tty-prompt

BUNDLED WITH
   2.4.10
